GEM
  remote: https://rubygems.org/
  specs:
    coderay (1.1.0)
    cuba (3.3.0)
      rack
    dotenv (1.0.2)
    dotenv-rails (1.0.2)
      dotenv (= 1.0.2)
    hiredis (0.5.2)
    json (1.8.2)
    method_source (0.8.2)
    msgpack (0.5.10)
    nido (0.0.1)
    ohm (2.1.0)
      msgpack
      nido
      redic
    pry (0.10.1)
      coderay (~> 1.1.0)
      method_source (~> 0.8.1)
      slop (~> 3.4)
    rack (1.6.0)
    rack-cors (0.2.9)
    rack-protection (1.5.3)
      rack
    redic (1.3.0)
      hiredis
    slim (3.0.2)
      temple (~> 0.7.3)
      tilt (>= 1.3.3, < 2.1)
    slop (3.6.0)
    temple (0.7.5)
    tilt (2.0.1)

PLATFORMS
  ruby

DEPENDENCIES
  cuba
  dotenv-rails
  json
  ohm
  pry
  rack-cors
  rack-protection
  slim
  tilt
