GEM
  remote: https://rubygems.org/
  specs:
    clap (1.0.0)
    codeclimate-test-reporter (0.4.8)
      simplecov (>= 0.7.1, < 1.0.0)
    coderay (1.1.0)
    cuba (3.4.0)
      rack
    cutest (1.2.3)
      clap
    docile (1.1.5)
    hiredis (0.6.0)
    json (1.8.3)
    method_source (0.8.2)
    msgpack (0.5.12)
    nido (1.0.0)
    ohm (2.3.0)
      msgpack (~> 0.5.0)
      nido
      redic (~> 1.5.0)
      stal
    pry (0.10.1)
      coderay (~> 1.1.0)
      method_source (~> 0.8.1)
      slop (~> 3.4)
    rack (1.6.4)
    rack-test (0.6.3)
      rack (>= 1.0)
    redic (1.5.0)
      hiredis
    simplecov (0.11.2)
      docile (~> 1.1.0)
      json (~> 1.8)
      simplecov-html (~> 0.10.0)
    simplecov-html (0.10.0)
    slop (3.6.0)
    stal (0.1.0)
      redic

PLATFORMS
  ruby

DEPENDENCIES
  codeclimate-test-reporter
  cuba (~> 3.4)
  cutest (~> 1.2)
  json (~> 1.8)
  ohm (~> 2.3)
  pry (~> 0.10)
  rack-test
